PATH
  remote: .
  specs:
    mcp_server (0.1.0)
      mcp (~> 0.1)
      rack (~> 2.0)

GEM
  remote: https://rubygems.org/
  specs:
    json_rpc_handler (0.1.1)
    mcp (0.1.0)
      json_rpc_handler (~> 0.1)
    rack (2.2.17)

PLATFORMS
  arm64-darwin-23
  ruby

DEPENDENCIES
  mcp (~> 0.1)
  mcp_server!

BUNDLED WITH
   2.5.11
